GEM
  remote: https://rubygems.org/
  specs:
    base64 (0.2.0)
    dotenv (3.1.8)
    event_stream_parser (1.0.0)
    faraday (2.13.1)
      faraday-net_http (>= 2.0, < 3.5)
      json
      logger
    faraday-multipart (1.1.0)
      multipart-post (~> 2.0)
    faraday-net_http (3.4.0)
      net-http (>= 0.5.0)
    faraday-retry (2.3.1)
      faraday (~> 2.0)
    json (2.12.0)
    logger (1.7.0)
    multipart-post (2.4.1)
    net-http (0.6.0)
      uri
    ruby_llm (1.2.0)
      base64
      event_stream_parser (~> 1)
      faraday (~> 2)
      faraday-multipart (~> 1)
      faraday-net_http (~> 3)
      faraday-retry (~> 2)
      zeitwerk (~> 2)
    uri (1.0.3)
    zeitwerk (2.7.2)

PLATFORMS
  arm64-darwin-23
  ruby

DEPENDENCIES
  dotenv
  ruby_llm

RUBY VERSION
   ruby 3.3.3p89

BUNDLED WITH
   2.5.11
